GEM
  remote: https://rubygems.org/
  specs:
    cinch (2.1.0)
    thread_safe (0.3.4)
    tzinfo (1.2.2)
      thread_safe (~> 0.1)
    tzinfo-data (1.2014.10)
      tzinfo (>= 1.0.0)

PLATFORMS
  ruby
  x64-mingw32

DEPENDENCIES
  cinch
  tzinfo-data

BUNDLED WITH
   1.10.6
